GEM
  remote: http://rubygems.org/
  specs:
    compass (0.10.6)
      haml (>= 3.0.4)
    git (1.2.5)
    haml (3.0.24)
    jeweler (1.5.1)
      bundler (~> 1.0.0)
      git (>= 1.2.5)
      rake
    rack (1.2.1)
    rake (0.8.7)
    rdiscount (1.6.5)
    rspec (1.3.1)

PLATFORMS
  ruby

DEPENDENCIES
  compass (>= 0.10.0)
  haml (>= 2.0.0)
  jeweler
  rack (>= 1.0)
  rdiscount
  rspec (~> 1.3)
