GEM
  remote: http://rubygems.org/
  specs:
    compass (0.10.6)
      haml (>= 3.0.4)
    haml (3.0.24)
    rack (1.2.1)
    rdiscount (1.6.5)
    rspec (1.3.1)

PLATFORMS
  ruby

DEPENDENCIES
  compass (>= 0.10.0)
  haml (>= 2.0.0)
  rack (>= 1.0)
  rdiscount
  rspec (~> 1.3)
